GEM
  remote: https://rubygems.org/
  specs:
    bootstrap-sass (3.2.0.2)
      sass (~> 3.2)
    chunky_png (1.3.1)
    compass (0.12.7)
      chunky_png (~> 1.2)
      fssm (>= 0.2.7)
      sass (~> 3.2.19)
    font-awesome-sass (4.2.0)
      sass (~> 3.2)
    fssm (0.2.10)
    sass (3.2.19)

PLATFORMS
  ruby

DEPENDENCIES
  bootstrap-sass (= 3.2.0.2)
  compass
  font-awesome-sass (= 4.2.0)
  sass (~> 3.2.14)

BUNDLED WITH
   1.15.4
